GEM
  remote: https://rubygems.org/
  specs:
    bigdecimal (1.2.3)
    io-console (0.4.2)
    json (1.8.1)
    minitest (4.7.5)
    psych (2.0.2)
    rake (10.1.0)
    rdoc (4.1.0)
    test-unit (2.1.0.0)

PLATFORMS
  ruby

DEPENDENCIES
  bigdecimal (= 1.2.3)
  io-console (= 0.4.2)
  json (= 1.8.1)
  minitest (= 4.7.5)
  psych (= 2.0.2)
  rake (= 10.1.0)
  rdoc (= 4.1.0)
  test-unit (= 2.1.0.0)
