GEM
  remote: https://rubygems.org/
  specs:
    bigdecimal (1.2.3)
    daemons (1.1.9)
    eventmachine (1.0.3)
    io-console (0.4.2)
    json (1.8.1)
    minitest (4.7.5)
    psych (2.0.2)
    rack (1.5.2)
    rake (10.1.0)
    rdoc (4.1.0)
    test-unit (2.1.0.0)
    thin (1.6.2)
      daemons (>= 1.0.9)
      eventmachine (>= 1.0.0)
      rack (>= 1.0.0)
    thrift (0.9.1)

PLATFORMS
  ruby

DEPENDENCIES
  bigdecimal (= 1.2.3)
  daemons (= 1.1.9)
  eventmachine (= 1.0.3)
  io-console (= 0.4.2)
  json (= 1.8.1)
  minitest (= 4.7.5)
  psych (= 2.0.2)
  rack (= 1.5.2)
  rake (= 10.1.0)
  rdoc (= 4.1.0)
  test-unit (= 2.1.0.0)
  thin (= 1.6.2)
  thrift (= 0.9.1)
